GEM
  remote: https://rubygems.org/
  specs:
    mysql2 (0.3.11)
    sequel (3.40.0)

PLATFORMS
  ruby

DEPENDENCIES
  mysql2
  sequel
