GEM
  remote: https://rubygems.org/
  specs:
    lorem (0.1.2)
    mysql2 (0.3.11)
    sequel (3.40.0)

PLATFORMS
  ruby

DEPENDENCIES
  lorem
  mysql2
  sequel
